PATH
  remote: .
  specs:
    mosql (0.4.3)
      bson (~> 1.10)
      bson_ext (~> 1.10)
      json
      log4r
      mongo (~> 1.10)
      mongoriver (= 0.4)
      pg
      rake
      sequel

GEM
  remote: https://rubygems.org/
  specs:
    bson (1.12.5)
    bson_ext (1.12.5)
      bson (~> 1.12.5)
    json (2.0.3)
    log4r (1.1.10)
    metaclass (0.0.4)
    minitest (5.10.1)
    mocha (1.2.1)
      metaclass (~> 0.0.1)
    mongo (1.12.5)
      bson (= 1.12.5)
    mongoriver (0.4.0)
      bson_ext
      log4r
      mongo (>= 1.7)
    pg (0.20.0)
    rake (12.0.0)
    sequel (4.44.0)

PLATFORMS
  ruby

DEPENDENCIES
  minitest
  mocha
  mosql!

BUNDLED WITH
   1.14.6
